GEM
  remote: https://rubygems.org/
  specs:
    clamp (1.2.1)
    ruby-kafka (0.5.4)

PLATFORMS
  ruby

DEPENDENCIES
  clamp
  ruby-kafka

BUNDLED WITH
   1.16.1
